GIT
  remote: https://github.com/OpenGeoMetadata/GeoCombine.git
  revision: 934e86f0ed7f29ab48e28a237ae2b8e9e2d7727c
  branch: master
  specs:
    geo_combine (0.3.1)
      activesupport
      json-schema
      net-http-persistent (~> 2.0)
      nokogiri
      rsolr
      sanitize
      thor

GEM
  remote: https://rubygems.org/
  specs:
    actioncable (5.1.5)
      actionpack (= 5.1.5)
      nio4r (~> 2.0)
      websocket-driver (~> 0.6.1)
    actionmailer (5.1.5)
      actionpack (= 5.1.5)
      actionview (= 5.1.5)
      activejob (= 5.1.5)
      mail (~> 2.5, >= 2.5.4)
      rails-dom-testing (~> 2.0)
    actionpack (5.1.5)
      actionview (= 5.1.5)
      activesupport (= 5.1.5)
      rack (~> 2.0)
      rack-test (>= 0.6.3)
      rails-dom-testing (~> 2.0)
      rails-html-sanitizer (~> 1.0, >= 1.0.2)
    actionview (5.1.5)
      activesupport (= 5.1.5)
      builder (~> 3.1)
      erubi (~> 1.4)
      rails-dom-testing (~> 2.0)
      rails-html-sanitizer (~> 1.0, >= 1.0.3)
    activejob (5.1.5)
      activesupport (= 5.1.5)
      globalid (>= 0.3.6)
    activemodel (5.1.5)
      activesupport (= 5.1.5)
    activerecord (5.1.5)
      activemodel (= 5.1.5)
      activesupport (= 5.1.5)
      arel (~> 8.0)
    activesupport (5.1.5)
      concurrent-ruby (~> 1.0, >= 1.0.2)
      i18n (~> 0.7)
      minitest (~> 5.1)
      tzinfo (~> 1.1)
    addressable (2.5.2)
      public_suffix (>= 2.0.2, < 4.0)
    airbrussh (1.3.0)
      sshkit (>= 1.6.1, != 1.7.0)
    arel (8.0.0)
    autoprefixer-rails (8.1.0.1)
      execjs
    bcrypt (3.1.11)
    blacklight (6.14.1)
      bootstrap-sass (~> 3.2)
      deprecation
      globalid
      jbuilder
      kaminari (>= 0.15)
      nokogiri (~> 1.6)
      rails (>= 4.2, < 6)
      rsolr (>= 1.0.6, < 3)
      twitter-typeahead-rails (= 0.11.1.pre.corejavascript)
    blacklight_range_limit (6.3.2)
      blacklight (>= 6.0.2)
      jquery-rails
      rails (>= 3.0)
    bootstrap-sass (3.3.7)
      autoprefixer-rails (>= 5.2.1)
      sass (>= 3.3.4)
    builder (3.2.3)
    bundler-audit (0.6.0)
      bundler (~> 1.2)
      thor (~> 0.18)
    byebug (10.0.0)
    capistrano (3.10.1)
      airbrussh (>= 1.0.0)
      i18n
      rake (>= 10.0.0)
      sshkit (>= 1.9.0)
    capistrano-bundle_audit (0.2.1)
      bundler-audit (~> 0.5)
      capistrano (~> 3.0)
    capistrano-bundler (1.3.0)
      capistrano (~> 3.1)
      sshkit (~> 1.2)
    capistrano-one_time_key (0.0.1)
      capistrano (~> 3.0)
    capistrano-rails (1.3.1)
      capistrano (~> 3.1)
      capistrano-bundler (~> 1.1)
    capistrano-rvm (0.1.2)
      capistrano (~> 3.0)
      sshkit (~> 1.2)
    capistrano-shared_configs (0.2.2)
    capistrano-sidekiq (1.0.0)
      capistrano (>= 3.9.0)
      sidekiq (>= 3.4)
    capybara (2.18.0)
      addressable
      mini_mime (>= 0.1.3)
      nokogiri (>= 1.3.3)
      rack (>= 1.0.0)
      rack-test (>= 0.5.4)
      xpath (>= 2.0, < 4.0)
    chronic (0.10.2)
    cliver (0.3.2)
    coderay (1.1.2)
    coffee-rails (4.2.2)
      coffee-script (>= 2.2.0)
      railties (>= 4.0.0)
    coffee-script (2.4.1)
      coffee-script-source
      execjs
    coffee-script-source (1.12.2)
    concurrent-ruby (1.0.5)
    config (1.7.0)
      activesupport (>= 3.0)
      deep_merge (~> 1.2.1)
      dry-validation (>= 0.10.4)
    connection_pool (2.2.1)
    coveralls (0.8.21)
      json (>= 1.8, < 3)
      simplecov (~> 0.14.1)
      term-ansicolor (~> 1.3)
      thor (~> 0.19.4)
      tins (~> 1.6)
    crass (1.0.3)
    database_cleaner (1.6.2)
    deep_merge (1.2.1)
    deprecation (1.0.0)
      activesupport
    devise (4.4.3)
      bcrypt (~> 3.0)
      orm_adapter (~> 0.1)
      railties (>= 4.1.0, < 6.0)
      responders
      warden (~> 1.2.3)
    devise-guests (0.3.3)
      devise
    devise-remote-user (0.6.0)
      devise
    diff-lcs (1.3)
    dlss-capistrano (3.4.1)
      capistrano (~> 3.0)
      capistrano-bundle_audit (>= 0.1.0)
      capistrano-one_time_key
      capistrano-shared_configs
    docile (1.1.5)
    dry-configurable (0.7.0)
      concurrent-ruby (~> 1.0)
    dry-container (0.6.0)
      concurrent-ruby (~> 1.0)
      dry-configurable (~> 0.1, >= 0.1.3)
    dry-core (0.4.5)
      concurrent-ruby (~> 1.0)
    dry-equalizer (0.2.0)
    dry-logic (0.4.2)
      dry-container (~> 0.2, >= 0.2.6)
      dry-core (~> 0.2)
      dry-equalizer (~> 0.2)
    dry-types (0.12.2)
      concurrent-ruby (~> 1.0)
      dry-configurable (~> 0.1)
      dry-container (~> 0.3)
      dry-core (~> 0.2, >= 0.2.1)
      dry-equalizer (~> 0.2)
      dry-logic (~> 0.4, >= 0.4.2)
      inflecto (~> 0.0.0, >= 0.0.2)
    dry-validation (0.11.1)
      concurrent-ruby (~> 1.0)
      dry-configurable (~> 0.1, >= 0.1.3)
      dry-core (~> 0.2, >= 0.2.1)
      dry-equalizer (~> 0.2)
      dry-logic (~> 0.4, >= 0.4.0)
      dry-types (~> 0.12.0)
    engine_cart (1.2.0)
      bundler (~> 1.5)
      rails
    erubi (1.7.1)
    execjs (2.7.0)
    factory_bot (4.8.2)
      activesupport (>= 3.0.0)
    factory_bot_rails (4.8.2)
      factory_bot (~> 4.8.2)
      railties (>= 3.0.0)
    faraday (0.14.0)
      multipart-post (>= 1.2, < 3)
    faraday_middleware (0.12.2)
      faraday (>= 0.7.4, < 1.0)
    ffi (1.9.23)
    font-awesome-rails (4.7.0.3)
      railties (>= 3.2, < 5.2)
    geo_monitor (0.4.0)
      engine_cart
      faraday
      rails (~> 5.1.4)
    geoblacklight (1.8.0)
      blacklight (~> 6.11)
      coderay
      config
      deprecation
      faraday
      faraday_middleware
      font-awesome-rails
      geo_combine (>= 0.3)
      geoblacklight-icons (>= 0.2)
      handlebars_assets
      leaflet-rails (~> 0.7.3)
      mime-types
      rails (~> 5.0)
    geoblacklight-icons (1.3.0)
    globalid (0.4.1)
      activesupport (>= 4.2.0)
    handlebars_assets (0.23.2)
      execjs (~> 2.0)
      sprockets (>= 2.0.0)
      tilt (>= 1.2)
    honeybadger (3.3.0)
    i18n (0.9.5)
      concurrent-ruby (~> 1.0)
    inflecto (0.0.2)
    is_it_working (1.1.0)
    jbuilder (2.7.0)
      activesupport (>= 4.2.0)
      multi_json (>= 1.2)
    jquery-rails (4.3.1)
      rails-dom-testing (>= 1, < 3)
      railties (>= 4.2.0)
      thor (>= 0.14, < 2.0)
    json (1.8.6)
    json-schema (2.8.0)
      addressable (>= 2.4)
    kaminari (1.1.1)
      activesupport (>= 4.1.0)
      kaminari-actionview (= 1.1.1)
      kaminari-activerecord (= 1.1.1)
      kaminari-core (= 1.1.1)
    kaminari-actionview (1.1.1)
      actionview
      kaminari-core (= 1.1.1)
    kaminari-activerecord (1.1.1)
      activerecord
      kaminari-core (= 1.1.1)
    kaminari-core (1.1.1)
    leaflet-rails (0.7.7)
    libv8 (3.16.14.19)
    listen (3.1.5)
      rb-fsevent (~> 0.9, >= 0.9.4)
      rb-inotify (~> 0.9, >= 0.9.7)
      ruby_dep (~> 1.2)
    loofah (2.2.1)
      crass (~> 1.0.2)
      nokogiri (>= 1.5.9)
    mail (2.7.0)
      mini_mime (>= 0.1.1)
    method_source (0.9.0)
    mime-types (3.1)
      mime-types-data (~> 3.2015)
    mime-types-data (3.2016.0521)
    mini_mime (1.0.0)
    mini_portile2 (2.3.0)
    minitest (5.11.3)
    multi_json (1.13.1)
    multipart-post (2.0.0)
    net-http-persistent (2.9.4)
    net-scp (1.2.1)
      net-ssh (>= 2.6.5)
    net-ssh (4.2.0)
    newrelic_rpm (4.8.0.341)
    nio4r (2.3.0)
    nokogiri (1.8.2)
      mini_portile2 (~> 2.3.0)
    nokogumbo (1.5.0)
      nokogiri
    orm_adapter (0.5.0)
    pg (1.0.0)
    poltergeist (1.17.0)
      capybara (~> 2.1)
      cliver (~> 0.3.1)
      websocket-driver (>= 0.2.0)
    public_suffix (3.0.2)
    rack (2.0.4)
    rack-protection (2.0.1)
      rack
    rack-test (0.8.3)
      rack (>= 1.0, < 3)
    rails (5.1.5)
      actioncable (= 5.1.5)
      actionmailer (= 5.1.5)
      actionpack (= 5.1.5)
      actionview (= 5.1.5)
      activejob (= 5.1.5)
      activemodel (= 5.1.5)
      activerecord (= 5.1.5)
      activesupport (= 5.1.5)
      bundler (>= 1.3.0)
      railties (= 5.1.5)
      sprockets-rails (>= 2.0.0)
    rails-dom-testing (2.0.3)
      activesupport (>= 4.2.0)
      nokogiri (>= 1.6)
    rails-html-sanitizer (1.0.3)
      loofah (~> 2.0)
    railties (5.1.5)
      actionpack (= 5.1.5)
      activesupport (= 5.1.5)
      method_source
      rake (>= 0.8.7)
      thor (>= 0.18.1, < 2.0)
    rake (12.3.0)
    rb-fsevent (0.10.3)
    rb-inotify (0.9.10)
      ffi (>= 0.5.0, < 2)
    rdoc (4.3.0)
    redis (4.0.1)
    ref (2.0.0)
    responders (2.4.0)
      actionpack (>= 4.2.0, < 5.3)
      railties (>= 4.2.0, < 5.3)
    retriable (3.1.1)
    rsolr (2.1.0)
      builder (>= 2.1.2)
      faraday (>= 0.9.0)
    rspec-core (3.7.1)
      rspec-support (~> 3.7.0)
    rspec-expectations (3.7.0)
      diff-lcs (>= 1.2.0, < 2.0)
      rspec-support (~> 3.7.0)
    rspec-mocks (3.7.0)
      diff-lcs (>= 1.2.0, < 2.0)
      rspec-support (~> 3.7.0)
    rspec-rails (3.7.2)
      actionpack (>= 3.0)
      activesupport (>= 3.0)
      railties (>= 3.0)
      rspec-core (~> 3.7.0)
      rspec-expectations (~> 3.7.0)
      rspec-mocks (~> 3.7.0)
      rspec-support (~> 3.7.0)
    rspec-support (3.7.1)
    ruby-progressbar (1.9.0)
    ruby_dep (1.5.0)
    rubyzip (1.2.1)
    sanitize (4.6.2)
      crass (~> 1.0.2)
      nokogiri (>= 1.4.4)
      nokogumbo (~> 1.4)
    sass (3.5.5)
      sass-listen (~> 4.0.0)
    sass-listen (4.0.0)
      rb-fsevent (~> 0.9, >= 0.9.4)
      rb-inotify (~> 0.9, >= 0.9.7)
    sass-rails (5.0.7)
      railties (>= 4.0.0, < 6)
      sass (~> 3.1)
      sprockets (>= 2.8, < 4.0)
      sprockets-rails (>= 2.0, < 4.0)
      tilt (>= 1.1, < 3)
    sdoc (0.4.2)
      json (~> 1.7, >= 1.7.7)
      rdoc (~> 4.0)
    sidekiq (5.1.1)
      concurrent-ruby (~> 1.0)
      connection_pool (~> 2.2, >= 2.2.0)
      rack-protection (>= 1.5.0)
      redis (>= 3.3.5, < 5)
    simplecov (0.14.1)
      docile (~> 1.1.0)
      json (>= 1.8, < 3)
      simplecov-html (~> 0.10.0)
    simplecov-html (0.10.2)
    sitemap_generator (5.0.5)
      builder
    solr_wrapper (1.2.0)
      faraday
      retriable
      ruby-progressbar
      rubyzip
    spring (2.0.2)
      activesupport (>= 4.2)
    sprockets (3.7.1)
      concurrent-ruby (~> 1.0)
      rack (> 1, < 3)
    sprockets-rails (3.2.1)
      actionpack (>= 4.0)
      activesupport (>= 4.0)
      sprockets (>= 3.0.0)
    sqlite3 (1.3.13)
    sshkit (1.16.0)
      net-scp (>= 1.1.2)
      net-ssh (>= 2.8.0)
    term-ansicolor (1.6.0)
      tins (~> 1.0)
    therubyracer (0.12.3)
      libv8 (~> 3.16.14.15)
      ref
    thor (0.19.4)
    thread_safe (0.3.6)
    tilt (2.0.8)
    tins (1.16.3)
    twitter-typeahead-rails (0.11.1.pre.corejavascript)
      actionpack (>= 3.1)
      jquery-rails
      railties (>= 3.1)
    tzinfo (1.2.5)
      thread_safe (~> 0.1)
    uglifier (4.1.8)
      execjs (>= 0.3.0, < 3)
    warden (1.2.7)
      rack (>= 1.0)
    websocket-driver (0.6.5)
      websocket-extensions (>= 0.1.0)
    websocket-extensions (0.1.3)
    whenever (0.10.0)
      chronic (>= 0.6.3)
    xpath (3.0.0)
      nokogiri (~> 1.8)

PLATFORMS
  ruby

DEPENDENCIES
  blacklight
  blacklight_range_limit
  byebug
  capistrano
  capistrano-bundler
  capistrano-rails
  capistrano-rvm
  capistrano-shared_configs
  capistrano-sidekiq
  capybara
  coffee-rails (~> 4.2.2)
  coveralls (>= 0.8.21)
  database_cleaner
  devise
  devise-guests (~> 0.3.3)
  devise-remote-user
  dlss-capistrano
  factory_bot_rails
  geo_combine!
  geo_monitor (~> 0.4)
  geoblacklight
  honeybadger
  is_it_working
  jbuilder (~> 2.0)
  jquery-rails
  listen
  newrelic_rpm
  pg
  poltergeist
  rails (~> 5.1.4)
  rsolr
  rspec-rails
  sass-rails (~> 5.0.6)
  sdoc (~> 0.4.0)
  sidekiq
  simplecov
  sitemap_generator (~> 5.0.5)
  solr_wrapper
  spring
  sqlite3
  therubyracer
  twitter-typeahead-rails (= 0.11.1.pre.corejavascript)
  uglifier (>= 1.3.0)
  whenever

BUNDLED WITH
   1.16.1
